GEM
  remote: https://rubygems.org/
  specs:
    multi_json (1.13.1)
    rack (1.6.12)
    rack-protection (1.5.5)
      rack
    sinatra (1.4.8)
      rack (~> 1.5)
      rack-protection (~> 1.4)
      tilt (>= 1.3, < 3)
    sinatra-json (0.1.0)
      multi_json (~> 1.0)
      sinatra (~> 1.0)
    tilt (2.0.9)

PLATFORMS
  ruby

DEPENDENCIES
  sinatra
  sinatra-json

BUNDLED WITH
   2.0.2
